GEM
  remote: https://rubygems.org/
  specs:
    bourbon (4.1.0)
      sass (~> 3.3)
      thor
    sass (3.4.9)
    thor (0.19.1)

PLATFORMS
  ruby

DEPENDENCIES
  bourbon
  sass
